{
  "TaskName": "Active Visual Oddball",
  "TaskDescription": "Please see Kappenman, E. S., Farrens, J. L., Zhang, W., Stewart, A. X., & Luck, S. J. (2021). ERP CORE: An open resource for human event-related potential research. NeuroImage, 225, 117465.",
  "Instructions": "See the reference above.",
  "InstitutionName": "University of California Merced",
  "InstitutionalDepartmentName": "Psychological Sciences",
  "InstitutionAddress": "5200 North Lake Rd., Merced, CA 95343",
  "SamplingFrequency": 500,
  "Manufacturer": "Brain Products",
  "ManufacturersModelName": "Brain Products actiCHamp Plus",
  "DeviceSerialNumber": "SC-BP-100-2503",
  "CapManufacturer": "EasyCap",
  "CapManufacturersModelName": "actiCAP slim active electrode system",
  "EEGReference": "Cz",
  "EEGGround": "single electrode placed on Fpz",
  "EEGChannelCount": 27,
  "EOGChannelCount": 3,
  "MISCChannelCount": 2,
  "ECGChannelCount": 0,
  "EMGChannelCount": 0,
  "TriggerChannelCount": 0,
  "EEGPlacementScheme": "10-20",
  "PowerLineFrequency": 60,
  "RecordingType": "continuous",
  "EpochLength": 0,
  "SoftwareFilters": "n/a",
  "SoftwareVersions": "1.25.0101",
  "RecordingDuration": 444.76,
  "HeadCircumference": 0.5,
  "HardwareFilters": "n/a",
  "CogAtlasID": "n/a",
  "CogPOID": "n/a",
  "SubjectArtefactDescription": "See the Issues and Additional Notes columns in the participants.tsv file",
  "StimulusPresentation": {
    "Code": "See the reference above",
    "SoftwareName": "Presentation",
    "SoftwareVersion": "2023.1",
    "HardwareName": "Dell 144Hz Gaming Monitor FHD",
    "ScreenRefreshRate": 60,
    "PresentationType": "Visual",
    "ResponseDevice": "Logitech GamePad F130",
    "TimingAccuracy": "20 ms"
  },
  "EEGHardware": {
    "AmplifierModel": "actiCHamp Plus",
    "DigitizationRate": 500,
    "HardwareFilters": "n/a"
  }
}