{
  "TaskName": "Passive Auditory Oddball",
  "TaskDescription": "Please see Isbell, E., De León, N. E. R., & Richardson, D. M. (2024). Childhood family socioeconomic status is linked to adult brain electrophysiology. PloS One, 19(8), e0307406.",
  "Instructions": "See the reference above.",
  "InstitutionName": "University of California Merced",
  "InstitutionalDepartmentName": "Psychological Sciences",
  "InstitutionAddress": "5200 North Lake Rd., Merced, CA 95343",
  "SamplingFrequency": 500,
  "Manufacturer": "Brain Products",
  "ManufacturersModelName": "Brain Products actiCHamp Plus",
  "DeviceSerialNumber": "SC-BP-100-2503",
  "CapManufacturer": "EasyCap",
  "CapManufacturersModelName": "actiCAP slim active electrode system",
  "EEGReference": "Cz",
  "EEGGround": "single electrode placed on Fpz",
  "EEGChannelCount": 27,
  "EOGChannelCount": 3,
  "MISCChannelCount": 2,
  "ECGChannelCount": 0,
  "EMGChannelCount": 0,
  "TriggerChannelCount": 0,
  "EEGPlacementScheme": "10-20",
  "PowerLineFrequency": 60,
  "RecordingType": "continuous",
  "EpochLength": 0,
  "SoftwareFilters": "n/a",
  "SoftwareVersions": "1.25.0101",
  "RecordingDuration": 234,
  "HeadCircumference": 0.5,
  "HardwareFilters": "n/a",
  "SourceDatasets": [],
  "CogAtlasID": "n/a",
  "CogPOID": "n/a",
  "SubjectArtefactDescription": "See the Issues and Additional Notes columns in the participants.tsv file",
  "StimulusPresentation": {
    "SoftwareName": "Presentation",
    "SoftwareVersion": "2023.1",
    "HardwareName": "Boise Noise Cancelling Headphones",
    "ScreenRefreshRate": 60,
    "PresentationType": "Auditory",
    "ResponseDevice": "n/a",
    "TimingAccuracy": "20 ms"
  },
  "EEGHardware": {
    "AmplifierModel": "actiCHamp Plus",
    "DigitizationRate": 500,
    "HardwareFilters": "n/a"
  }
}